GEM
  remote: https://rubygems.org/
  specs:
    rack (2.0.7)

PLATFORMS
  ruby

DEPENDENCIES
  rack

RUBY VERSION
   ruby 2.4.6p354

BUNDLED WITH
   2.0.1
